PATH
  remote: .
  specs:
    unicode-data (0.1.0)
      rubyzip

GEM
  remote: https://rubygems.org/
  specs:
    minitest (5.14.4)
    rake (13.0.6)
    rubyzip (2.3.2)

PLATFORMS
  x86_64-darwin-19

DEPENDENCIES
  bundler
  minitest
  rake
  unicode-data!

BUNDLED WITH
   2.2.24
