PATH
  remote: .
  specs:
    unicode-data (0.1.1)
      rubyzip

GEM
  remote: https://rubygems.org/
  specs:
    minitest (5.17.0)
    rake (13.0.6)
    rubyzip (2.3.2)

PLATFORMS
  x86_64-darwin-19
  x86_64-darwin-21
  x86_64-linux

DEPENDENCIES
  bundler
  minitest
  rake
  unicode-data!

BUNDLED WITH
   2.2.31
